PATH
  remote: .
  specs:
    aavimeodl (0.1.0)
      youtube-dl.rb

GEM
  remote: http://rubygems.org/
  specs:
    byebug (9.1.0)
    climate_control (0.2.0)
    cocaine (0.5.8)
      climate_control (>= 0.0.3, < 1.0)
    rake (10.5.0)
    youtube-dl.rb (0.3.1.2016.09.11.1)
      cocaine (>= 0.5.4)

PLATFORMS
  ruby

DEPENDENCIES
  aavimeodl!
  bundler (~> 1.16)
  byebug (>= 1.0)
  rake (~> 10.0)

BUNDLED WITH
   1.16.0
